GEM
  remote: http://rubygems.org/
  specs:
    awesome_print (1.8.0)
    json (2.1.0)

PLATFORMS
  ruby

DEPENDENCIES
  awesome_print
  json

BUNDLED WITH
   1.16.1
